GEM
  remote: https://rubygems.org/
  specs:
    github-markup (1.3.1)
      posix-spawn (~> 0.3.8)
    posix-spawn (0.3.9)
    rdoc (3.6.1)

PLATFORMS
  ruby

DEPENDENCIES
  github-markup
  rdoc (= 3.6.1)
